GIT
  remote: https://github.com/hanklords/flickraw.git
  revision: 15e07ed900203fb1d289cdd10b796c57b2832ef8
  specs:
    flickraw (0.9.6)

GEM
  remote: https://rubygems.org/
  specs:
    addressable (2.3.4)
    domain_name (0.5.12)
      unf (>= 0.0.5, < 1.0.0)
    http-cookie (1.0.1)
      domain_name (~> 0.5)
    launchy (2.3.0)
      addressable (~> 2.3)
    mechanize (2.7.1)
      domain_name (~> 0.5, >= 0.5.1)
      http-cookie (~> 1.0.0)
      mime-types (~> 1.17, >= 1.17.2)
      net-http-digest_auth (~> 1.1, >= 1.1.1)
      net-http-persistent (~> 2.5, >= 2.5.2)
      nokogiri (~> 1.4)
      ntlm-http (~> 0.1, >= 0.1.1)
      webrobots (>= 0.0.9, < 0.2)
    mime-types (1.23)
    mini_portile (0.5.0)
    net-http-digest_auth (1.3)
    net-http-persistent (2.8)
    nokogiri (1.6.0)
      mini_portile (~> 0.5.0)
    ntlm-http (0.1.1)
    unf (0.1.1)
      unf_ext
    unf_ext (0.0.6)
    webrobots (0.1.1)

PLATFORMS
  ruby

DEPENDENCIES
  flickraw!
  launchy
  mechanize
